GEM
  remote: https://rugygems.org/
  specs:
    ffi (1.9.3)
    pi_piper (1.3.2)
      ffi
    prowl (0.1.3)
    redis (3.0.7)

PLATFORMS
  ruby

DEPENDENCIES
  pi_piper
  prowl
  redis
