GEM
  remote: https://rubygems.org/
  specs:
    prowl (0.1.3)
    redis (3.0.7)
    wiringpi (1.1.0)

PLATFORMS
  ruby

DEPENDENCIES
  prowl
  redis
  wiringpi
