PATH
  remote: .
  specs:
    garage_door (1.0.0)
      prowl (>= 0.1.3)
      redis (>= 3.0.7)
      wiringpi2 (>= 2.0.1)

GEM
  remote: https://rubygems.org/
  specs:
    prowl (0.1.3)
    redis (3.1.0)
    wiringpi2 (2.0.1)

PLATFORMS
  ruby

DEPENDENCIES
  garage_door!
